PATH
  remote: .
  specs:
    edgecast_token (1.0.1)

GEM
  remote: https://rubygems.org/
  specs:
    rake (10.1.0)
    rake-compiler (0.9.1)
      rake

PLATFORMS
  ruby

DEPENDENCIES
  bundler (~> 1.3)
  edgecast_token!
  rake
  rake-compiler
